GEM
  remote: https://rubygems.org/
  specs:
    addressable (2.3.7)
    awesome_print (1.6.1)
    cli_helper (0.0.2)
      awesome_print
      nenv
      slop
    colortail (0.1.7)
      file-tail
    debug_me (1.0.2)
    descendants_tracker (0.0.4)
      thread_safe (~> 0.3, >= 0.3.1)
    docx (0.2.07)
      nokogiri (~> 1.5)
      rubyzip (~> 1.1.6)
    faraday (0.9.1)
      multipart-post (>= 1.2, < 3)
    ffi (1.9.8)
    ffi-locale (1.0.1)
      ffi (>= 1.0.9)
    ffi-ncurses (0.4.0)
      ffi (>= 1.0.9)
      ffi-locale (>= 1.0.0)
    file-tail (1.1.0)
      tins (~> 1.0)
    geek_painter (0.2.0)
    github_api (0.12.3)
      addressable (~> 2.3)
      descendants_tracker (~> 0.0.4)
      faraday (~> 0.8, < 0.10)
      hashie (>= 3.3)
      multi_json (>= 1.7.5, < 2.0)
      nokogiri (~> 1.6.3)
      oauth2
    gruff (0.5.1)
      rmagick
    hashie (3.4.0)
    json (1.8.2)
    jwt (1.4.1)
    linefit (0.3.2)
    lipsum (1.2.0)
      nokogiri
    mini_portile (0.6.2)
    multi_json (1.11.0)
    multi_xml (0.5.5)
    multipart-post (2.0.0)
    nenv (0.2.0)
    nokogiri (1.6.6.2)
      mini_portile (~> 0.6.0)
    oauth2 (1.0.0)
      faraday (>= 0.8, < 0.10)
      jwt (~> 1.0)
      multi_json (~> 1.3)
      multi_xml (~> 0.5)
      rack (~> 1.2)
    rack (1.6.0)
    rmagick (2.13.4)
    rubyzip (1.1.7)
    slop (4.0.0)
    summary (0.7.3)
    svn_wc (0.0.6)
<<<<<<< HEAD
    systemu (2.6.4)
=======
    systemu (2.6.5)
>>>>>>> 9aa14cd08e411ef63abb42e51156f0c188683f4f
    terminal-size (0.0.6)
    thread_safe (0.3.5)
    tins (1.3.5)
    word_wrap (0.2.1)
    word_wrapper (0.5.0)
    wordy (1.1.0)

PLATFORMS
  ruby

DEPENDENCIES
  awesome_print
  bundler
  cli_helper
  colortail
  debug_me
  docx
  ffi-ncurses
  geek_painter
  github_api
  gruff
  json
  linefit
  lipsum
  nenv
  nokogiri
  slop
  summary
  svn_wc
  systemu
  terminal-size
  word_wrap
  word_wrapper
  wordy
