GEM
  remote: https://rubygems.org/
  specs:
    addressable (2.4.0)
    awesome_print (1.6.1)
    chef-config (12.6.0)
      mixlib-config (~> 2.0)
      mixlib-shellout (~> 2.0)
    cli_helper (0.1.6)
      configatron
      inifile
      nenv
      slop (~> 4.0)
    colortail (0.1.7)
      file-tail
    configatron (4.5.0)
    debug_me (1.0.2)
    descendants_tracker (0.0.4)
      thread_safe (~> 0.3, >= 0.3.1)
    docx (0.2.07)
      nokogiri (~> 1.5)
      rubyzip (~> 1.1.6)
    faraday (0.9.2)
      multipart-post (>= 1.2, < 3)
    ffi (1.9.10)
    ffi-locale (1.0.1)
      ffi (>= 1.0.9)
    ffi-ncurses (0.4.0)
      ffi (>= 1.0.9)
      ffi-locale (>= 1.0.0)
    ffi-yajl (2.2.2)
      libyajl2 (~> 1.2)
    file-tail (1.1.0)
      tins (~> 1.0)
    geek_painter (0.2.0)
    github_api (0.13.1)
      addressable (~> 2.4.0)
      descendants_tracker (~> 0.0.4)
      faraday (~> 0.8, < 0.10)
      hashie (>= 3.4)
      multi_json (>= 1.7.5, < 2.0)
      oauth2
    hashie (3.4.3)
    inifile (3.0.0)
    ipaddress (0.8.0)
    json (1.8.3)
    jwt (1.5.2)
    libyajl2 (1.2.0)
    linefit (0.3.2)
    lipsum (1.2.0)
      nokogiri
    mini_portile2 (2.0.0)
    mixlib-cli (1.5.0)
    mixlib-config (2.2.1)
    mixlib-log (1.6.0)
    mixlib-shellout (2.2.5)
    multi_json (1.11.2)
    multi_xml (0.5.5)
    multipart-post (2.0.0)
    nenv (0.2.0)
    nokogiri (1.6.7.1)
      mini_portile2 (~> 2.0.0.rc2)
    oauth2 (1.0.0)
      faraday (>= 0.8, < 0.10)
      jwt (~> 1.0)
      multi_json (~> 1.3)
      multi_xml (~> 0.5)
      rack (~> 1.2)
    ohai (8.8.1)
      chef-config (>= 12.5.0.alpha.1, < 13)
      ffi (~> 1.9)
      ffi-yajl (~> 2.2)
      ipaddress
      mixlib-cli
      mixlib-config (~> 2.0)
      mixlib-log
      mixlib-shellout (~> 2.0)
      rake (~> 10.1)
      systemu (~> 2.6.4)
      wmi-lite (~> 1.0)
    rack (1.6.4)
    rake (10.4.2)
    ruby-progressbar (1.7.5)
    rubyzip (1.1.7)
    slop (4.2.1)
    summary (0.7.3)
    svn_wc (0.0.6)
    systemu (2.6.5)
    terminal-size (0.0.6)
    thread_safe (0.3.5)
    tins (1.8.1)
    virtualbox (0.8.6)
      ffi (~> 1.0)
    wmi-lite (1.0.0)
    word_wrap (1.0.0)
    word_wrapper (0.5.0)
    wordy (1.1.0)

PLATFORMS
  ruby

DEPENDENCIES
  awesome_print
  bundler
  cli_helper
  colortail
  debug_me
  docx
  ffi-ncurses
  geek_painter
  github_api
  json
  linefit
  lipsum
  nenv
  nokogiri
  ohai
  ruby-progressbar
  slop
  summary
  svn_wc
  systemu
  terminal-size
  virtualbox
  word_wrap
  word_wrapper
  wordy

BUNDLED WITH
   1.11.2
