GEM
  remote: https://rubygems.org/
  specs:
    addressable (2.4.0)
    awesome_print (1.6.1)
    binding.repl (3.0.0)
    binding_of_caller (0.7.2)
      debug_inspector (>= 0.0.1)
    bond (0.5.1)
    cd (1.0.1)
    chef-config (12.10.24)
      fuzzyurl (~> 0.8.0)
      mixlib-config (~> 2.0)
      mixlib-shellout (~> 2.0)
    cli_helper (0.1.6)
      configatron
      inifile
      nenv
      slop (~> 4.0)
    clipboard (1.1.0)
    code (0.9.0)
      coderay (~> 1.1)
      method_source (~> 0.8, >= 0.8.2)
    coderay (1.1.1)
    colortail (0.1.7)
      file-tail
    configatron (4.5.0)
    debug_inspector (0.0.2)
    debug_me (1.0.2)
    debugging (1.1.0)
      binding.repl (~> 3.0)
      paint (>= 0.9, < 2.0)
    descendants_tracker (0.0.4)
      thread_safe (~> 0.3, >= 0.3.1)
    did_you_mean (1.0.1)
    docopt (0.5.0)
    docx (0.2.07)
      nokogiri (~> 1.5)
      rubyzip (~> 1.1.6)
    every_day_irb (2.0.0)
      cd (~> 1.0)
    fancy_irb (1.0.2)
      paint (>= 0.9, < 2.0)
      unicode-display_width (~> 1.0)
    faraday (0.9.2)
      multipart-post (>= 1.2, < 3)
    ffi (1.9.10)
    ffi-locale (1.0.1)
      ffi (>= 1.0.9)
    ffi-ncurses (0.4.0)
      ffi (>= 1.0.9)
      ffi-locale (>= 1.0.0)
    ffi-yajl (2.2.3)
      libyajl2 (~> 1.2)
    file-tail (1.1.1)
      tins (~> 1.0)
    fuzzyurl (0.8.0)
    geek_painter (0.2.0)
    github_api (0.13.1)
      addressable (~> 2.4.0)
      descendants_tracker (~> 0.0.4)
      faraday (~> 0.8, < 0.10)
      hashie (>= 3.4)
      multi_json (>= 1.7.5, < 2.0)
      oauth2
    gruff (0.6.0)
      rmagick (>= 2.13.4)
    hashie (3.4.4)
    hirb (0.7.3)
    inifile (3.0.0)
    instance (0.2.0)
    interactive_editor (0.0.10)
      spoon (>= 0.0.1)
    ipaddress (0.8.3)
    irbtools (2.0.1)
      binding.repl (~> 3.0)
      clipboard (~> 1.0, >= 1.0.6)
      code (~> 0.9)
      coderay (~> 1.1)
      debugging (~> 1.1)
      every_day_irb (~> 2.0)
      fancy_irb (~> 1.0)
      hirb (~> 0.7, >= 0.7.3)
      instance (~> 0.2)
      interactive_editor (~> 0.0, >= 0.0.10)
      method_locator (~> 0.0, >= 0.0.4)
      methodfinder (~> 2.0)
      ori (~> 0.1.0)
      os (~> 0.9)
      paint (>= 0.9, < 2.0)
      ruby_engine (~> 1.0)
      ruby_info (~> 1.0)
      ruby_version (~> 1.0)
      wirb (~> 2.0)
    irbtools-more (2.1.0)
      binding_of_caller (~> 0.7)
      bond (~> 0.5)
      did_you_mean (~> 1.0)
      irbtools (~> 2.0)
    json (1.8.3)
    jwt (1.5.1)
    libyajl2 (1.2.0)
    linefit (0.3.2)
    lipsum (1.2.0)
      nokogiri
    method_locator (0.0.4)
    method_source (0.8.2)
    methodfinder (2.0.0)
    mini_portile2 (2.0.0)
    mixlib-cli (1.6.0)
    mixlib-config (2.2.1)
    mixlib-log (1.6.0)
    mixlib-shellout (2.2.6)
    multi_json (1.12.0)
    multi_xml (0.5.5)
    multipart-post (2.0.0)
    nenv (0.3.0)
    nokogiri (1.6.7.2)
      mini_portile2 (~> 2.0.0.rc2)
    oauth2 (1.1.0)
      faraday (>= 0.8, < 0.10)
      jwt (~> 1.0, < 1.5.2)
      multi_json (~> 1.3)
      multi_xml (~> 0.5)
      rack (>= 1.2, < 3)
    ohai (8.16.0)
      chef-config (>= 12.5.0.alpha.1, < 13)
      ffi (~> 1.9)
      ffi-yajl (~> 2.2)
      ipaddress
      mixlib-cli
      mixlib-config (~> 2.0)
      mixlib-log
      mixlib-shellout (~> 2.0)
      plist (~> 3.1)
      systemu (~> 2.6.4)
      wmi-lite (~> 1.0)
    ori (0.1.0)
    os (0.9.6)
    paint (1.0.1)
    plist (3.2.0)
    rack (1.6.4)
    rmagick (2.15.4)
    ruby-progressbar (1.8.1)
    ruby_engine (1.0.1)
    ruby_info (1.0.1)
    ruby_version (1.0.1)
    rubyzip (1.1.7)
    slop (4.3.0)
    spoon (0.0.4)
      ffi
    summary (0.7.3)
    svn_wc (0.0.6)
    systemu (2.6.5)
    terminal-size (0.0.6)
    thread_safe (0.3.5)
    tins (1.10.1)
    unicode-display_width (1.0.5)
    virtualbox (0.8.6)
      ffi (~> 1.0)
    wirb (2.0.0)
      paint (>= 0.9, < 2.0)
    wmi-lite (1.0.0)
    word_wrap (1.0.0)
    word_wrapper (0.5.0)
    wordy (1.1.0)

PLATFORMS
  ruby

DEPENDENCIES
  awesome_print
  bundler
  cli_helper
  clipboard
  colortail
  debug_me
  docopt
  docx
  ffi-ncurses
  geek_painter
  github_api
  gruff
  irbtools
  irbtools-more
  json
  linefit
  lipsum
  nenv
  nokogiri
  ohai
  rmagick
  ruby-progressbar
  slop
  summary
  svn_wc
  systemu
  terminal-size
  virtualbox
  word_wrap
  word_wrapper
  wordy

BUNDLED WITH
   1.12.4
