GEM
  remote: https://rubygems.org/
  specs:
    addressable (2.3.6)
    awesome_print (1.6.1)
    colortail (0.1.7)
      file-tail
    debug_me (1.0.2)
    descendants_tracker (0.0.4)
      thread_safe (~> 0.3, >= 0.3.1)
    docx (0.2.07)
      nokogiri (~> 1.5)
      rubyzip (~> 1.1.6)
    faraday (0.9.1)
      multipart-post (>= 1.2, < 3)
    ffi (1.9.6)
    ffi-locale (1.0.1)
      ffi (>= 1.0.9)
    ffi-ncurses (0.4.0)
      ffi (>= 1.0.9)
      ffi-locale (>= 1.0.0)
    file-tail (1.1.0)
      tins (~> 1.0)
    geek_painter (0.2.0)
    github_api (0.12.2)
      addressable (~> 2.3)
      descendants_tracker (~> 0.0.4)
      faraday (~> 0.8, < 0.10)
      hashie (>= 3.3)
      multi_json (>= 1.7.5, < 2.0)
      nokogiri (~> 1.6.3)
      oauth2
    gruff (0.5.1)
      rmagick
    hashie (3.3.2)
    json (1.8.2)
    jwt (1.2.0)
    linefit (0.3.2)
    lipsum (1.2.0)
      nokogiri
    mini_portile (0.6.2)
    multi_json (1.10.1)
    multi_xml (0.5.5)
    multipart-post (2.0.0)
    nokogiri (1.6.5)
      mini_portile (~> 0.6.0)
    oauth2 (1.0.0)
      faraday (>= 0.8, < 0.10)
      jwt (~> 1.0)
      multi_json (~> 1.3)
      multi_xml (~> 0.5)
      rack (~> 1.2)
    rack (1.6.0)
    rmagick (2.13.4)
    rubyzip (1.1.6)
    summary (0.7.3)
    svn_wc (0.0.6)
    systemu (2.6.4)
    thread_safe (0.3.4)
    tins (1.3.3)
    word_wrap (0.2.1)
    word_wrapper (0.5.0)

PLATFORMS
  ruby

DEPENDENCIES
  awesome_print
  bundler
  colortail
  debug_me
  docx
  ffi-ncurses
  geek_painter
  github_api
  gruff
  json
  linefit
  lipsum
  nokogiri
  summary
  svn_wc
  systemu
  word_wrap
  word_wrapper
